GEM
  remote: https://rubygems.org/
  specs:
    actionmailer (>= 3.2.15)
      actionpack (>= 3.2.22.2)
      mail (>= 2.5.5)
    actionpack (>= 3.2.22.2)
      activemodel (= 3.2.3)
      activesupport (>= 4.1.11)
      builder (~> 3.0.0)
      erubis (~> 2.7.0)
      journey (~> 1.0.1)
      rack (>= 1.6.11)
      rack-cache (~> 1.2)
      rack-test (~> 0.6.1)
      sprockets (>= 2.12.5)
    activemodel (3.2.3)
      activesupport (>= 4.1.11)
      builder (~> 3.0.0)
    activerecord (>= 3.2.22.1)
      activemodel (= 3.2.3)
      activesupport (>= 4.1.11)
      arel (~> 3.0.2)
      tzinfo (~> 0.3.29)
    activeresource (>= 3.2.22.1)
      activemodel (= 3.2.3)
      activesupport (>= 4.1.11)
    activesupport (>= 4.1.11)
      i18n (>= 0.6.6)
      multi_json (~> 1.0)
    arel (3.0.2)
    bcrypt-ruby (3.0.1)
    builder (3.0.0)
    cocaine (0.2.1)
    coffee-rails (3.2.2)
      coffee-script (>= 2.2.0)
      railties (~> 3.2.0)
    coffee-script (2.2.0)
      coffee-script-source
      execjs
    coffee-script-source (1.3.3)
    country_select (0.0.2)
    erubis (2.7.0)
    execjs (1.4.0)
      multi_json (~> 1.0)
    hike (1.2.1)
    i18n (>= 0.6.6)
    journey (1.0.3)
    jquery-rails (>= 3.1.3)
      railties (>= 3.2.0, < 5.0)
      thor (~> 0.14)
    json (>= 1.7.7)
    less (2.2.1)
      commonjs (~> 0.2.6)
    less-rails (2.2.3)
      actionpack (>= 3.1)
      less (~> 2.2.0)
    libv8 (3.3.10.4)
    mail (>= 2.5.5)
      i18n (>= 0.6.6)
      mime-types (~> 1.16)
      treetop (~> 1.4.8)
    meta_search (1.1.3)
      actionpack (~> 3.1)
      activerecord (~> 3.1)
      activesupport (~> 3.1)
      polyamorous (~> 0.5.0)
    mime-types (1.18)
    multi_json (1.3.6)
    paperclip (3.1.2)
      activemodel (>= 3.0.0)
      activerecord (>= 3.0.0)
      activesupport (>= 3.0.0)
      cocaine (>= 0.0.2)
      mime-types
    pg (0.13.2)
    polyamorous (0.5.0)
      activerecord (~> 3.0)
    polyglot (0.3.3)
    rack (>= 1.6.11)
    rack-cache (1.2)
      rack (>= 1.6.11)
    rack-ssl (>= 1.4.0)
      rack
    rack-test (0.6.1)
      rack (>= 1.6.11)
    rails (>= 3.2.17)
      actionmailer (>= 3.2.15)
      actionpack (>= 3.2.22.2)
      activerecord (>= 3.2.22.1)
      activeresource (>= 3.2.22.1)
      activesupport (>= 4.1.11)
      bundler (~> 1.0)
      railties (= 3.2.3)
    railties (3.2.3)
      actionpack (>= 3.2.22.2)
      activesupport (>= 4.1.11)
      rack-ssl (>= 1.4.0)
      rake (>= 0.8.7)
      rdoc (>= 3.12.1)
      thor (~> 0.14.6)
    rake (0.9.2.2)
    rdoc (>= 3.12.1)
      json (>= 1.7.7)
    sass (3.1.19)
    sass-rails (3.2.5)
      railties (~> 3.2.0)
      sass (>= 3.1.10)
      tilt (~> 1.3)
    simple_form (2.0.2)
      actionpack (>= 3.2.22.2)
      activemodel (~> 3.0)
    sprockets (>= 2.12.5)
      hike (~> 1.2)
      rack (>= 1.6.11)
      tilt (~> 1.1, != 1.3.0)
    sqlite3 (1.3.6)
    sunspot_solr (1.3.2)
    therubyracer (0.10.1)
      libv8 (~> 3.3.10)
    thor (0.14.6)
    tilt (1.3.3)
    treetop (1.4.10)
      polyglot
      polyglot (>= 0.3.1)
    twitter-bootstrap-rails (2.1.0)
      actionpack (>= 3.1)
      less-rails (~> 2.2.2)
      railties (>= 3.1)
      therubyracer (~> 0.10.1)
    tzinfo (0.3.33)
    uglifier (1.2.5)
      execjs (>= 0.3.0)
      multi_json (>= 1.0.2)

PLATFORMS
  ruby

DEPENDENCIES
  bcrypt-ruby (~> 3.0.0)
  coffee-rails (~> 3.2.1)
  jquery-rails (>= 3.1.3)
  meta_search
  paperclip
  pg
  rails (>= 3.2.17)
  sass-rails (~> 3.2.3)
  simple_form
  sqlite3
  twitter-bootstrap-rails
  uglifier (>= 1.0.3)
